GEM
  remote: http://rubygems.org/
  specs:
    builder (3.0.0)
    haml (3.0.25)
    rack (1.2.1)
    rack-rewrite (1.0.2)
    rdiscount (1.6.5)
    sinatra (1.2.0.a)
      rack (~> 1.1)
      tilt (~> 1.2)
    tilt (1.2.1)

PLATFORMS
  ruby

DEPENDENCIES
  builder
  haml
  rack-rewrite
  rdiscount
  sinatra (~> 1.2.0.a)
